PATH
  remote: .
  specs:
    minitest-metadata (0.1.0)

GEM
  remote: http://rubygems.org/
  specs:
    minitest (2.10.1)

PLATFORMS
  ruby

DEPENDENCIES
  minitest (>= 2.5)
  minitest-metadata!
