PATH
  remote: .
  specs:
    minitest-metadata (0.5.1)
      minitest (>= 4.7, < 6.0)

GEM
  remote: https://rubygems.org/
  specs:
    minitest (5.3.4)
    rake (0.9.2.2)

PLATFORMS
  ruby

DEPENDENCIES
  minitest-metadata!
  rake
